GEM
  remote: https://rubygems.org/
  specs:
    actionmailer (4.2.8)
      actionpack (= 4.2.8)
      actionview (= 4.2.8)
      activejob (= 4.2.8)
      mail (~> 2.5, >= 2.5.4)
      rails-dom-testing (~> 1.0, >= 1.0.5)
    actionpack (4.2.8)
      actionview (= 4.2.8)
      activesupport (= 4.2.8)
      rack (~> 1.6)
      rack-test (~> 0.6.2)
      rails-dom-testing (~> 1.0, >= 1.0.5)
      rails-html-sanitizer (~> 1.0, >= 1.0.2)
    actionview (4.2.8)
      activesupport (= 4.2.8)
      builder (~> 3.1)
      erubis (~> 2.7.0)
      rails-dom-testing (~> 1.0, >= 1.0.5)
      rails-html-sanitizer (~> 1.0, >= 1.0.3)
    activejob (4.2.8)
      activesupport (= 4.2.8)
      globalid (>= 0.3.0)
    activemodel (4.2.8)
      activesupport (= 4.2.8)
      builder (~> 3.1)
    activerecord (4.2.8)
      activemodel (= 4.2.8)
      activesupport (= 4.2.8)
      arel (~> 6.0)
    activesupport (4.2.8)
      i18n (~> 0.7)
      minitest (~> 5.1)
      thread_safe (~> 0.3, >= 0.3.4)
      tzinfo (~> 1.1)
    arel (6.0.4)
    autoprefixer-rails (9.6.1)
      execjs
    bootstrap-sass (3.4.1)
      autoprefixer-rails (>= 5.2.1)
      sassc (>= 2.0.0)
    bootstrap-switch-rails (3.0.2)
    builder (3.2.3)
    capybara (2.1.0)
      mime-types (>= 1.16)
      nokogiri (>= 1.3.3)
      rack (>= 1.0.0)
      rack-test (>= 0.5.4)
      xpath (~> 2.0)
    childprocess (1.0.1)
      rake (< 13.0)
    coffee-rails (4.0.1)
      coffee-script (>= 2.2.0)
      railties (>= 4.0.0, < 5.0)
    coffee-script (2.4.1)
      coffee-script-source
      execjs
    coffee-script-source (1.12.2)
    concurrent-ruby (1.1.5)
    crass (1.0.4)
    diff-lcs (1.3)
    erubis (2.7.0)
    execjs (2.7.0)
    ffi (1.11.1)
    friendly_id (5.2.5)
      activerecord (>= 4.0.0)
    globalid (0.4.2)
      activesupport (>= 4.2.0)
    haml (5.1.1)
      temple (>= 0.8.0)
      tilt
    hike (1.2.3)
    i18n (0.9.5)
      concurrent-ruby (~> 1.0)
    jbuilder (1.0.2)
      activesupport (>= 3.0.0)
    jquery-rails (3.0.4)
      railties (>= 3.0, < 5.0)
      thor (>= 0.14, < 2.0)
    loofah (2.2.3)
      crass (~> 1.0.2)
      nokogiri (>= 1.5.9)
    mail (2.7.1)
      mini_mime (>= 0.1.1)
    mime-types (3.2.2)
      mime-types-data (~> 3.2015)
    mime-types-data (3.2019.0331)
    mini_mime (1.0.1)
    mini_portile2 (2.4.0)
    minitest (5.11.3)
    multi_json (1.13.1)
    nokogiri (1.10.3)
      mini_portile2 (~> 2.4.0)
    pg (0.21.0)
    rack (1.6.11)
    rack-test (0.6.3)
      rack (>= 1.0)
    rails (4.2.8)
      actionmailer (= 4.2.8)
      actionpack (= 4.2.8)
      actionview (= 4.2.8)
      activejob (= 4.2.8)
      activemodel (= 4.2.8)
      activerecord (= 4.2.8)
      activesupport (= 4.2.8)
      bundler (>= 1.3.0, < 2.0)
      railties (= 4.2.8)
      sprockets-rails
    rails-deprecated_sanitizer (1.0.3)
      activesupport (>= 4.2.0.alpha)
    rails-dom-testing (1.0.9)
      activesupport (>= 4.2.0, < 5.0)
      nokogiri (~> 1.6)
      rails-deprecated_sanitizer (>= 1.0.1)
    rails-html-sanitizer (1.0.4)
      loofah (~> 2.2, >= 2.2.2)
    rails_12factor (0.0.2)
      rails_serve_static_assets
      rails_stdout_logging
    rails_serve_static_assets (0.0.5)
    rails_stdout_logging (0.0.5)
    railties (4.2.8)
      actionpack (= 4.2.8)
      activesupport (= 4.2.8)
      rake (>= 0.8.7)
      thor (>= 0.18.1, < 2.0)
    rake (10.3.2)
    rdoc (6.1.1)
    rspec-core (2.13.1)
    rspec-expectations (2.13.0)
      diff-lcs (>= 1.1.3, < 2.0)
    rspec-mocks (2.13.1)
    rspec-rails (2.13.1)
      actionpack (>= 3.0)
      activesupport (>= 3.0)
      railties (>= 3.0)
      rspec-core (~> 2.13.0)
      rspec-expectations (~> 2.13.0)
      rspec-mocks (~> 2.13.0)
    rubyzip (0.9.9)
    sass (3.2.19)
    sass-rails (4.0.5)
      railties (>= 4.0.0, < 5.0)
      sass (~> 3.2.2)
      sprockets (~> 2.8, < 3.0)
      sprockets-rails (~> 2.0)
    sassc (2.0.1)
      ffi (~> 1.9)
      rake
    sdoc (1.0.0)
      rdoc (>= 5.0)
    selenium-webdriver (2.35.1)
      childprocess (>= 0.2.5)
      multi_json (~> 1.0)
      rubyzip (< 1.0.0)
      websocket (~> 1.0.4)
    sprockets (2.12.5)
      hike (~> 1.2)
      multi_json (~> 1.0)
      rack (~> 1.0)
      tilt (~> 1.1, != 1.3.0)
    sprockets-rails (2.3.3)
      actionpack (>= 3.0)
      activesupport (>= 3.0)
      sprockets (>= 2.8, < 4.0)
    temple (0.8.1)
    thor (0.20.3)
    thread_safe (0.3.6)
    tilt (1.4.1)
    turbolinks (1.1.1)
      coffee-rails
    tzinfo (1.2.5)
      thread_safe (~> 0.1)
    uglifier (2.1.2)
      execjs (>= 0.3.0)
      multi_json (~> 1.0, >= 1.0.2)
    websocket (1.0.7)
    xpath (2.1.0)
      nokogiri (~> 1.3)

PLATFORMS
  ruby

DEPENDENCIES
  bootstrap-sass
  bootstrap-switch-rails (~> 3.0.0)
  capybara (~> 2.1.0)
  coffee-rails (~> 4.0.1)
  friendly_id
  haml
  jbuilder (~> 1.0.2)
  jquery-rails (~> 3.0.4)
  nokogiri (= 1.10.3)
  pg (= 0.21.0)
  rails (= 4.2.8)
  rails_12factor (= 0.0.2)
  rake (= 10.3.2)
  rspec-rails (= 2.13.1)
  sass-rails (~> 4.0.1)
  sdoc
  selenium-webdriver (~> 2.35.1)
  turbolinks (~> 1.1.1)
  uglifier (~> 2.1.1)

RUBY VERSION
   ruby 2.6.3p62

BUNDLED WITH
   2.0.2
